GIT
  remote: git://github.com/jnicklas/capybara.git
  revision: bde12170fb64b2be8f2231884d822462439ef29c
  specs:
    capybara (1.0.0.rc1)
      mime-types (>= 1.16)
      nokogiri (>= 1.3.3)
      rack (>= 1.0.0)
      rack-test (>= 0.5.4)
      selenium-webdriver (~> 0.2.0)
      xpath (~> 0.1.4)

GEM
  remote: http://rubygems.org/
  specs:
    actionmailer (3.1.0.rc4)
      actionpack (= 3.1.0.rc4)
      mail (~> 2.3.0)
    actionpack (3.1.0.rc4)
      activemodel (= 3.1.0.rc4)
      activesupport (= 3.1.0.rc4)
      builder (~> 3.0.0)
      erubis (~> 2.7.0)
      i18n (~> 0.6)
      rack (~> 1.3.0)
      rack-cache (~> 1.0.1)
      rack-mount (~> 0.8.1)
      rack-test (~> 0.6.0)
      sprockets (~> 2.0.0.beta.10)
      tzinfo (~> 0.3.27)
    activemodel (3.1.0.rc4)
      activesupport (= 3.1.0.rc4)
      bcrypt-ruby (~> 2.1.4)
      builder (~> 3.0.0)
      i18n (~> 0.6)
    activerecord (3.1.0.rc4)
      activemodel (= 3.1.0.rc4)
      activesupport (= 3.1.0.rc4)
      arel (~> 2.1.1)
      tzinfo (~> 0.3.27)
    activeresource (3.1.0.rc4)
      activemodel (= 3.1.0.rc4)
      activesupport (= 3.1.0.rc4)
    activesupport (3.1.0.rc4)
      multi_json (~> 1.0)
    addressable (2.2.6)
    ansi (1.2.5)
    archive-tar-minitar (0.5.2)
    arel (2.1.1)
    bcrypt-ruby (2.1.4)
    bson (1.3.1)
    bson_ext (1.3.1)
    builder (3.0.0)
    childprocess (0.1.9)
      ffi (~> 1.0.6)
    coffee-script (2.2.0)
      coffee-script-source
      execjs
    coffee-script-source (1.1.1)
    columnize (0.3.2)
    configuration (1.2.0)
    database_cleaner (0.6.7)
    diff-lcs (1.1.2)
    em-websocket (0.2.1)
      addressable (>= 2.1.1)
      eventmachine (>= 0.12.9)
    erubis (2.7.0)
    eventmachine (0.12.10)
    execjs (1.1.2)
      multi_json (~> 1.0)
    ffi (1.0.9)
    guard (0.4.2)
      thor (~> 0.14.6)
    guard-livereload (0.1.11)
      em-websocket (~> 0.2.0)
      guard (>= 0.2.2)
      json (~> 1.5.1)
    guard-rspec (0.4.0)
      guard (>= 0.4.0)
    hike (1.0.0)
    i18n (0.6.0)
    jquery-rails (1.0.9)
      railties (~> 3.0)
      thor (~> 0.14)
    json (1.5.1)
    json_pure (1.5.1)
    launchy (0.4.0)
      configuration (>= 0.0.5)
      rake (>= 0.8.1)
    libnotify (0.5.5)
    linecache19 (0.5.12)
      ruby_core_source (>= 0.1.4)
    mail (2.3.0)
      i18n (>= 0.4.0)
      mime-types (~> 1.16)
      treetop (~> 1.4.8)
    mime-types (1.16)
    mongo (1.3.1)
      bson (>= 1.3.1)
    mongo_mapper (0.9.1)
      activemodel (~> 3.0)
      activesupport (~> 3.0)
      plucky (~> 0.3.8)
    multi_json (1.0.3)
    nokogiri (1.4.4)
    pg (0.11.0)
    plucky (0.3.8)
      mongo (~> 1.3)
    polyglot (0.3.1)
    rack (1.3.0)
    rack-cache (1.0.2)
      rack (>= 0.4)
    rack-mount (0.8.1)
      rack (>= 1.0.0)
    rack-ssl (1.3.2)
      rack
    rack-test (0.6.0)
      rack (>= 1.0)
    rails (3.1.0.rc4)
      actionmailer (= 3.1.0.rc4)
      actionpack (= 3.1.0.rc4)
      activerecord (= 3.1.0.rc4)
      activeresource (= 3.1.0.rc4)
      activesupport (= 3.1.0.rc4)
      bundler (~> 1.0)
      railties (= 3.1.0.rc4)
    railties (3.1.0.rc4)
      actionpack (= 3.1.0.rc4)
      activesupport (= 3.1.0.rc4)
      rack-ssl (~> 1.3.2)
      rake (>= 0.8.7)
      rdoc (~> 3.4)
      thor (~> 0.14.6)
    rake (0.9.2)
    rb-inotify (0.8.5)
      ffi (>= 0.5.0)
    rdoc (3.6.1)
    redis (2.2.1)
    rspec (2.6.0)
      rspec-core (~> 2.6.0)
      rspec-expectations (~> 2.6.0)
      rspec-mocks (~> 2.6.0)
    rspec-core (2.6.4)
    rspec-expectations (2.6.0)
      diff-lcs (~> 1.1.2)
    rspec-mocks (2.6.0)
    rspec-rails (2.6.1)
      actionpack (~> 3.0)
      activesupport (~> 3.0)
      railties (~> 3.0)
      rspec (~> 2.6.0)
    ruby-debug-base19 (0.11.25)
      columnize (>= 0.3.1)
      linecache19 (>= 0.5.11)
      ruby_core_source (>= 0.1.4)
    ruby-debug19 (0.11.6)
      columnize (>= 0.3.1)
      linecache19 (>= 0.5.11)
      ruby-debug-base19 (>= 0.11.19)
    ruby_core_source (0.1.5)
      archive-tar-minitar (>= 0.5.2)
    rubyzip (0.9.4)
    sass (3.1.2)
    selenium-webdriver (0.2.1)
      childprocess (>= 0.1.7)
      ffi (>= 1.0.7)
      json_pure
      rubyzip
    sprockets (2.0.0.beta.10)
      hike (~> 1.0)
      rack (~> 1.0)
      tilt (~> 1.1, != 1.3.0)
    therubyracer-heroku (0.8.1.pre3)
    thor (0.14.6)
    tilt (1.3.2)
    treetop (1.4.9)
      polyglot (>= 0.3.1)
    turn (0.8.2)
      ansi (>= 1.2.2)
    tzinfo (0.3.27)
    uglifier (0.5.4)
      execjs (>= 0.3.0)
      multi_json (>= 1.0.2)
    xpath (0.1.4)
      nokogiri (~> 1.3)

PLATFORMS
  ruby

DEPENDENCIES
  bson_ext
  capybara!
  coffee-script
  database_cleaner
  guard-livereload
  guard-rspec
  jquery-rails
  launchy
  libnotify
  mongo_mapper
  pg
  rails (= 3.1.0.rc4)
  rb-inotify
  redis
  rspec-rails
  ruby-debug19
  sass
  therubyracer-heroku (= 0.8.1.pre3)
  turn
  uglifier
